GEM
  remote: https://rubygems.org/
  specs:
    activesupport (4.0.0)
      i18n (~> 0.6, >= 0.6.4)
      minitest (~> 4.2)
      multi_json (~> 1.3)
      thread_safe (~> 0.1)
      tzinfo (~> 0.3.37)
    addressable (2.3.8)
    byebug (9.0.5)
    colorize (0.8.1)
    daemons (1.2.3)
    diff-lcs (1.2.5)
    eventmachine (1.2.0.1)
    git-version-bump (0.15.1)
    i18n (0.7.0)
    json-schema (2.6.2)
      addressable (~> 2.3.8)
    json_test_data (1.1.3)
      regexp-examples (~> 1.2)
    minitest (4.7.5)
    multi_json (1.12.1)
    rack (1.6.4)
    rack-contrib (1.4.0)
      git-version-bump (~> 0.15)
      rack (~> 1.4)
    rack-test (0.6.3)
      rack (>= 1.0)
    rake (11.2.2)
    rambo_ruby (0.6.0)
      activesupport (>= 4.0)
      colorize (~> 0.7)
      json-schema (~> 2.6)
      json_test_data (~> 1.1, >= 1.1.3)
      rake (~> 11.0)
      raml-rb (~> 1.0)
      rspec (~> 3.4)
    raml-rb (1.0.0)
    regexp-examples (1.2.1)
    rory (0.8.1)
      rack (~> 1.0)
      rack-contrib (~> 1.2)
      sequel (~> 4.0)
      thin (~> 1.0)
      thread-inheritable_attributes (~> 0.1)
    rspec (3.5.0)
      rspec-core (~> 3.5.0)
      rspec-expectations (~> 3.5.0)
      rspec-mocks (~> 3.5.0)
    rspec-core (3.5.1)
      rspec-support (~> 3.5.0)
    rspec-expectations (3.5.0)
      diff-lcs (>= 1.2.0, < 2.0)
      rspec-support (~> 3.5.0)
    rspec-mocks (3.5.0)
      diff-lcs (>= 1.2.0, < 2.0)
      rspec-support (~> 3.5.0)
    rspec-support (3.5.0)
    sequel (4.36.0)
    thin (1.7.0)
      daemons (~> 1.0, >= 1.0.9)
      eventmachine (~> 1.0, >= 1.0.4)
      rack (>= 1, < 3)
    thread-inheritable_attributes (0.2.0)
    thread_safe (0.3.5)
    tzinfo (0.3.51)

PLATFORMS
  ruby

DEPENDENCIES
  byebug (~> 9.0)
  rack-test (~> 0.6)
  rake (~> 11.2)
  rambo_ruby (~> 0.6)
  rory (~> 0.8)
  rspec (~> 3.5)

BUNDLED WITH
   1.12.5
